GEM
  remote: https://rubygems.org/
  specs:
    bashcov (1.8.2)
      simplecov (= 0.15.1)
    codecov (0.5.2)
      simplecov (>= 0.15, < 0.22)
    docile (1.1.5)
    json (2.5.1)
    simplecov (0.15.1)
      docile (~> 1.1.0)
      json (>= 1.8, < 3)
      simplecov-html (~> 0.10.0)
    simplecov-html (0.10.2)

PLATFORMS
  x86_64-darwin-19

DEPENDENCIES
  bashcov
  codecov

BUNDLED WITH
   2.2.9
